GEM
  remote: http://rubygems.org/
  specs:
    crack (0.3.1)
    daemons (1.1.8)
    eventmachine (0.12.10)
    json (1.7.3)
    nokogiri (1.5.2)
    rack (1.6.12)
    rack-protection (1.2.0)
      rack
    sinatra (1.3.2)
      rack (~> 1.3, >= 1.3.6)
      rack-protection (~> 1.2)
      tilt (~> 1.3, >= 1.3.3)
    thin (1.4.1)
      daemons (>= 1.0.9)
      eventmachine (>= 0.12.6)
      rack (>= 1.0.0)
    tilt (1.3.3)

PLATFORMS
  ruby

DEPENDENCIES
  crack (= 0.3.1)
  json (= 1.7.3)
  nokogiri (= 1.5.2)
  sinatra (= 1.3.2)
  thin (= 1.4.1)
